GEM
  remote: https://rubygems.org/
  specs:
    activesupport (7.0.2.2)
      concurrent-ruby (~> 1.0, >= 1.0.2)
      i18n (>= 1.6, < 2)
      minitest (>= 5.1)
      tzinfo (~> 2.0)
    cgi (0.3.2)
    colorize (0.8.1)
    concurrent-ruby (1.1.9)
    daemons (1.4.1)
    erb (2.2.3)
      cgi
    eventmachine (1.2.7)
    htmlbeautifier (1.4.1)
    i18n (1.10.0)
      concurrent-ruby (~> 1.0)
    minitest (5.15.0)
    rack (2.2.3)
    thin (1.8.1)
      daemons (~> 1.0, >= 1.0.9)
      eventmachine (~> 1.0, >= 1.0.4)
      rack (>= 1, < 3)
    tzinfo (2.0.4)
      concurrent-ruby (~> 1.0)
    zeitwerk (2.5.4)

PLATFORMS
  x86_64-linux

DEPENDENCIES
  activesupport
  colorize
  erb
  htmlbeautifier
  rack
  thin
  zeitwerk

BUNDLED WITH
   2.3.8
